GEM
  remote: http://rubygems.org/
  specs:
    forward (0.3.2)
      highline (~> 1.6.18)
      json (~> 1.7.7)
      net-ssh (~> 2.6.7)
    highline (1.6.21)
    json (1.7.7)
    net-ssh (2.6.8)

PLATFORMS
  ruby

DEPENDENCIES
  forward
